GEM
  remote: http://rubygems.org/
  specs:
    coffee-script (2.2.0)
      coffee-script-source
      execjs
    coffee-script-source (1.1.2)
    execjs (1.2.4)
      multi_json (~> 1.0)
    haml (3.1.2)
    libv8 (3.3.10.2)
    multi_json (1.0.3)
    rack (1.3.2)
    rake (0.9.2)
    sass (3.1.7)
    sinatra (1.2.6)
      rack (~> 1.1)
      tilt (>= 1.2.2, < 2.0)
    therubyracer (0.9.4)
      libv8 (~> 3.3.10)
    tilt (1.3.3)

PLATFORMS
  ruby

DEPENDENCIES
  coffee-script (= 2.2.0)
  haml (= 3.1.2)
  rake (= 0.9.2)
  sass (= 3.1.7)
  sinatra (= 1.2.6)
  therubyracer (= 0.9.4)
