GEM
  remote: http://rubygems.org/
  specs:
    addressable (2.2.6)
    heroku (2.6.1)
      launchy (>= 0.3.2)
      rest-client (~> 1.6.1)
      rubyzip
      term-ansicolor (~> 1.0.5)
    launchy (2.0.5)
      addressable (~> 2.2.6)
    mime-types (1.16)
    rack (1.3.3)
    rack-rewrite (1.1.0)
    rake (0.9.2)
    rest-client (1.6.7)
      mime-types (>= 1.16)
    rubyzip (0.9.4)
    term-ansicolor (1.0.6)

PLATFORMS
  ruby

DEPENDENCIES
  heroku (= 2.6.1)
  rack (= 1.3.3)
  rack-rewrite (= 1.1.0)
  rake (= 0.9.2)
